GEM
  remote: https://rubygems.org/
  specs:
    aws-sdk (2.7.3)
      aws-sdk-resources (= 2.7.3)
    aws-sdk-core (2.7.3)
      aws-sigv4 (~> 1.0)
      jmespath (~> 1.0)
    aws-sdk-resources (2.7.3)
      aws-sdk-core (= 2.7.3)
    aws-sigv4 (1.0.0)
    coderay (1.1.1)
    jmespath (1.3.1)
    method_source (0.8.2)
    pry (0.10.4)
      coderay (~> 1.1.0)
      method_source (~> 0.8.1)
      slop (~> 3.4)
    slop (3.6.0)
    thor (0.19.4)

PLATFORMS
  ruby

DEPENDENCIES
  aws-sdk (~> 2.7.3)
  pry
  thor (~> 0.19.4)

RUBY VERSION
   ruby 2.3.3p222

BUNDLED WITH
   1.14.3
